PATH
  remote: .
  specs:
    sonic-pi-doc-gen (0.0.1)

GEM
  remote: https://rubygems.org/
  specs:
    rake (13.0.1)
    sonic-pi (0.0.1)

PLATFORMS
  x86_64-darwin-19

DEPENDENCIES
  rake (~> 13.0)
  sonic-pi
  sonic-pi-doc-gen!

BUNDLED WITH
   2.2.1
